PATH
  remote: .
  specs:
    hbase_thrift_ruby (0.9.0)
      jml_thrift

GEM
  remote: http://rubygems.org/
  specs:
    diff-lcs (1.2.5)
    jfish (0.1.1)
    jml_thrift (1.0.0.0)
    json (1.8.1)
    rake (0.9.6)
    rdoc (4.0.1)
      json (~> 1.4)
    rspec (2.14.1)
      rspec-core (~> 2.14.0)
      rspec-expectations (~> 2.14.0)
      rspec-mocks (~> 2.14.0)
    rspec-core (2.14.8)
    rspec-expectations (2.14.5)
      diff-lcs (>= 1.1.3, < 2.0)
    rspec-mocks (2.14.6)

PLATFORMS
  x86-mingw32

DEPENDENCIES
  bundler
  hbase_thrift_ruby!
  jfish (>= 0.1.1)
  rake
  rdoc (~> 4.0.0)
  rspec
